{
 "TaskName": "Object Working Memory",
 "Manufacturer": "n/a",
 "PowerLineFrequency": "n/a",
 "SamplingFrequency": 1000,
 "SoftwareFilters": "n/a",
 "RecordingDuration": 6499,
 "RecordingType": "continuous",
 "iEEGReference": "bipolar",
 "ECOGChannelCount": 0,
 "SEEGChannelCount": 5,
 "EEGChannelCount": 0,
 "EOGChannelCount": 0,
 "ECGChannelCount": 0,
 "EMGChannelCount": 0,
 "MiscChannelCount": 0,
 "TriggerChannelCount": 0,
 "TaskDescription": "Load-3 object working memory task",
 "HardwareFilters": "n/a",
 "ElectricalStimulation": false
}